PATH
  remote: .
  specs:
    guard-autoupload (0.3.6)
      guard
      net-sftp
      net-ssh-simple

GEM
  remote: https://rubygems.org/
  specs:
    blockenspiel (0.4.5)
    celluloid (0.15.2)
      timers (~> 1.1.0)
    coderay (1.1.0)
    ffi (1.9.3-x86-mingw32)
    formatador (0.2.4)
    guard (2.2.4)
      formatador (>= 0.2.4)
      listen (~> 2.1)
      lumberjack (~> 1.0)
      pry (>= 0.9.12)
      thor (>= 0.18.1)
    hashie (2.0.5)
    listen (2.2.0)
      celluloid (>= 0.15.2)
      rb-fsevent (>= 0.9.3)
      rb-inotify (>= 0.9)
    lumberjack (1.0.4)
    method_source (0.8.2)
    net-scp (1.1.2)
      net-ssh (>= 2.6.5)
    net-sftp (2.1.2)
      net-ssh (>= 2.6.5)
    net-ssh (2.6.8)
    net-ssh-simple (1.6.2)
      blockenspiel (~> 0.4.3)
      hashie (>= 1.1.0)
      net-scp (~> 1.1.0)
      net-ssh (~> 2.6.3)
    pry (0.9.12.3-x86-mingw32)
      coderay (~> 1.0)
      method_source (~> 0.8)
      slop (~> 3.4)
      win32console (~> 1.3)
    rake (10.1.0)
    rb-fsevent (0.9.3)
    rb-inotify (0.9.2)
      ffi (>= 0.5.0)
    slop (3.4.7)
    thor (0.18.1)
    timers (1.1.0)
    wdm (0.1.0)
    win32console (1.3.2-x86-mingw32)

PLATFORMS
  x86-mingw32

DEPENDENCIES
  guard
  guard-autoupload!
  rake
  wdm (>= 0.1.0)
